PATH
  remote: .
  specs:
    getty-instrumentation (0.0.1)
      actionpack
      rack

PATH
  remote: vendor/getty/cucumber_targets
  specs:
    getty-cucumber_targets (0.0.1)
      cucumber

GEM
  remote: https://rubygems.org/
  specs:
    actionpack (2.3.2)
      activesupport (= 2.3.2)
    activesupport (2.3.2)
    builder (3.2.0)
    colored (1.2)
    cucumber (1.3.2)
      builder (>= 2.1.2)
      diff-lcs (>= 1.1.3)
      gherkin (~> 2.12.0)
      multi_json (~> 1.3)
    diff-lcs (1.2.4)
    gherkin (2.12.0)
      multi_json (~> 1.3)
    json (1.8.0)
    multi_json (1.7.3)
    rack (1.5.2)
    rake (10.0.4)
    rspec (2.13.0)
      rspec-core (~> 2.13.0)
      rspec-expectations (~> 2.13.0)
      rspec-mocks (~> 2.13.0)
    rspec-core (2.13.1)
    rspec-expectations (2.13.0)
      diff-lcs (>= 1.1.3, < 2.0)
    rspec-mocks (2.13.1)
    rspec-spies (2.1.4)
      rspec (~> 2.0)

PLATFORMS
  ruby

DEPENDENCIES
  colored
  cucumber
  getty-cucumber_targets!
  getty-instrumentation!
  json
  rake
  rspec
  rspec-spies
